GIT
  remote: git://github.com/igrigorik/em-http-request.git
  revision: 6159c1643fc38e9a947c58834221856ed6fdf392
  specs:
    em-http-request (1.0.2)
      addressable (>= 2.2.3)
      cookiejar
      em-socksify
      eventmachine (>= 1.0.0.beta.4)
      http_parser.rb (>= 0.5.3)

GIT
  remote: git://github.com/igrigorik/em-synchrony.git
  revision: 572482b3d5753813d6643530714887301095e124
  specs:
    em-synchrony (1.0.1)
      eventmachine (>= 1.0.0.beta.1)

PATH
  remote: .
  specs:
    uber-s3 (0.2.4)
      mime-types

GEM
  remote: http://rubygems.org/
  specs:
    addressable (2.2.7)
    coderay (1.0.6)
    cookiejar (0.3.0)
    diff-lcs (1.1.3)
    em-socksify (0.2.0)
      eventmachine (>= 1.0.0.beta.4)
    eventmachine (1.0.0.beta.4)
    eventmachine (1.0.0.beta.4-java)
    http_parser.rb (0.5.3)
    http_parser.rb (0.5.3-java)
    method_source (0.7.1)
    mime-types (2.4.3)
    pry (0.9.8.4)
      coderay (~> 1.0.5)
      method_source (~> 0.7.1)
      slop (>= 2.4.4, < 3)
    pry (0.9.8.4-java)
      coderay (~> 1.0.5)
      method_source (~> 0.7.1)
      slop (>= 2.4.4, < 3)
      spoon (~> 0.0)
    pry-nav (0.2.0)
      pry (~> 0.9.8.1)
    rake (0.9.2.2)
    rspec (2.7.0)
      rspec-core (~> 2.7.0)
      rspec-expectations (~> 2.7.0)
      rspec-mocks (~> 2.7.0)
    rspec-core (2.7.1)
    rspec-expectations (2.7.0)
      diff-lcs (~> 1.1.2)
    rspec-mocks (2.7.0)
    slop (2.4.4)
    spoon (0.0.1)

PLATFORMS
  java
  ruby

DEPENDENCIES
  em-http-request!
  em-synchrony!
  eventmachine (= 1.0.0.beta.4)
  pry
  pry-nav
  rake
  rspec (~> 2.7.0)
  uber-s3!
